PATH
  remote: .
  specs:
    snowflake-rails (0.0.2)
      activesupport (>= 3.0.0.rc)
      railties (>= 3.0.0.beta4)
      snowflake (>= 0.0.2)
      snowflake-migration (>= 0.0.1)
      uuidtools (>= 2.1.1)

GEM
  remote: http://rubygems.org/
  specs:
    abstract (1.0.0)
    actionpack (3.0.0.rc)
      activemodel (= 3.0.0.rc)
      activesupport (= 3.0.0.rc)
      builder (~> 2.1.2)
      erubis (~> 2.6.6)
      i18n (~> 0.4.1)
      rack (~> 1.2.1)
      rack-mount (~> 0.6.9)
      rack-test (~> 0.5.4)
      tzinfo (~> 0.3.22)
    activemodel (3.0.0.rc)
      activesupport (= 3.0.0.rc)
      builder (~> 2.1.2)
      i18n (~> 0.4.1)
    activesupport (3.0.0.rc)
    builder (2.1.2)
    erubis (2.6.6)
      abstract (>= 1.0.0)
    fastthread (1.0.7)
    i18n (0.4.1)
    json (1.4.3)
    mocha (0.9.8)
      rake
    rack (1.2.1)
    rack-mount (0.6.9)
      rack (>= 1.0.0)
    rack-test (0.5.4)
      rack (>= 1.0)
    railties (3.0.0.rc)
      actionpack (= 3.0.0.rc)
      activesupport (= 3.0.0.rc)
      rake (>= 0.8.3)
      thor (~> 0.14.0)
    rake (0.8.7)
    rcov (0.9.8)
    redis (2.0.4)
    redis-namespace (0.8.0)
      redis (< 3.0.0)
    rspec (1.3.0)
    snowflake (0.0.6)
      activemodel (>= 3.0.0.rc)
      activesupport (>= 3.0.0.rc)
      fastthread
      json
      redis (>= 2.0.3)
      redis-namespace (>= 0.7.0)
      system_timer
      tzinfo
      uuidtools (>= 2.1.1)
    snowflake-migration (0.0.3)
      snowflake (>= 0.0.2)
    system_timer (1.0)
    thor (0.14.0)
    tzinfo (0.3.22)
    uuidtools (2.1.1)
    yard (0.5.8)

PLATFORMS
  ruby

DEPENDENCIES
  mocha
  rake
  rcov
  rspec (= 1.3.0)
  snowflake-rails!
  yard
