PATH
  remote: .
  specs:
    snowflake-rails (0.1.0)
      activesupport (~> 3.0.0)
      railties (~> 3.0.0)
      snowflake (~> 0.2.12)
      snowflake-migration (~> 0.1.0)
      uuidtools (~> 2.1.1)

GEM
  remote: http://rubygems.org/
  specs:
    RedCloth (4.2.3)
    abstract (1.0.0)
    actionpack (3.0.0)
      activemodel (= 3.0.0)
      activesupport (= 3.0.0)
      builder (~> 2.1.2)
      erubis (~> 2.6.6)
      i18n (~> 0.4.1)
      rack (~> 1.2.1)
      rack-mount (~> 0.6.12)
      rack-test (~> 0.5.4)
      tzinfo (~> 0.3.23)
    activemodel (3.0.0)
      activesupport (= 3.0.0)
      builder (~> 2.1.2)
      i18n (~> 0.4.1)
    activesupport (3.0.0)
    builder (2.1.2)
    erubis (2.6.6)
      abstract (>= 1.0.0)
    i18n (0.4.1)
    json (1.4.6)
    mocha (0.9.8)
      rake
    rack (1.2.1)
    rack-mount (0.6.12)
      rack (>= 1.0.0)
    rack-test (0.5.4)
      rack (>= 1.0)
    railties (3.0.0)
      actionpack (= 3.0.0)
      activesupport (= 3.0.0)
      rake (>= 0.8.4)
      thor (~> 0.14.0)
    rake (0.8.7)
    rcov (0.9.8)
    redis (2.0.5)
    rspec (1.3.0)
    snowflake (0.2.13)
      RedCloth (~> 4.2.3)
      activemodel (~> 3.0.0)
      activesupport (~> 3.0.0)
      json
      redis (~> 2.0.5)
      tzinfo
      uuidtools (~> 2.1.1)
      zmq (~> 2.0.7)
    snowflake-migration (0.1.0)
      snowflake (~> 0.2.13)
    thor (0.14.0)
    tzinfo (0.3.23)
    uuidtools (2.1.1)
    yard (0.6.0)
    zmq (2.0.7.1)

PLATFORMS
  ruby

DEPENDENCIES
  mocha
  rake
  rcov
  rspec (= 1.3.0)
  snowflake-rails!
  yard
